GEM
  remote: http://rubygems.org/
  specs:
    autotest (4.4.2)
    autotest-fsevent (0.2.3)
      sys-uname
    autotest-growl (0.2.6)
    json (1.4.6)
    minitest (1.7.2)
    rake (0.8.7)
    reek (1.2.8)
      ruby2ruby (~> 1.2)
      ruby_parser (~> 2.0)
      sexp_processor (~> 3.0)
    ruby2ruby (1.2.5)
      ruby_parser (~> 2.0)
      sexp_processor (~> 3.0)
    ruby_parser (2.0.5)
      sexp_processor (~> 3.0)
    sexp_processor (3.0.5)
    sys-uname (0.8.4)

PLATFORMS
  ruby

DEPENDENCIES
  autotest (~> 4.4)
  autotest-fsevent (~> 0.2.3)
  autotest-growl (~> 0.2.6)
  json (~> 1.4)
  minitest (~> 1.7)
  rake
  reek (~> 1.2)
